PATH
  remote: .
  specs:
    prism-cli (0.2.0)
      rack (~> 1.6)
      thin (~> 1.7)

GEM
  remote: https://rubygems.org/
  specs:
    daemons (1.3.1)
    eventmachine (1.2.7)
    rack (1.6.11)
    thin (1.7.2)
      daemons (~> 1.0, >= 1.0.9)
      eventmachine (~> 1.0, >= 1.0.4)
      rack (>= 1, < 3)

PLATFORMS
  ruby

DEPENDENCIES
  prism-cli!

BUNDLED WITH
   2.0.2
